PATH
  remote: .
  specs:
    dm-zone-types (0.2)
      activesupport (>= 3.0.0.beta3)
      dm-core
      tzinfo

GEM
  remote: http://rubygems.org/
  specs:
    activesupport (3.0.1)
    addressable (2.2.2)
    data_objects (0.10.2)
      addressable (~> 2.1)
    dm-core (1.0.2)
      addressable (~> 2.2)
      extlib (~> 0.9.15)
    dm-do-adapter (1.0.2)
      data_objects (~> 0.10.2)
      dm-core (~> 1.0.2)
    dm-migrations (1.0.2)
      dm-core (~> 1.0.2)
    dm-sqlite-adapter (1.0.2)
      dm-do-adapter (~> 1.0.2)
      do_sqlite3 (~> 0.10.2)
    dm-validations (1.0.2)
      dm-core (~> 1.0.2)
    do_sqlite3 (0.10.2)
      data_objects (= 0.10.2)
    extlib (0.9.15)
    i18n (0.4.2)
    nanotest (0.9.4.1)
    nanotest_extensions (0.6.3)
    rake (0.8.7)
    tzinfo (0.3.23)
    watchr (0.7)

PLATFORMS
  ruby

DEPENDENCIES
  activesupport (>= 3.0.0.beta3)
  dm-core
  dm-migrations
  dm-sqlite-adapter
  dm-validations
  dm-zone-types!
  i18n
  nanotest
  nanotest_extensions
  rake
  tzinfo
  watchr
