PATH
  remote: .
  specs:
    dm-devise (1.5.0)
      devise (~> 1.3)
      dm-core (>= 1.0.2, < 1.3)
      dm-migrations (>= 1.0.2, < 1.3)
      dm-rails (>= 1.0.3, < 1.3)
      dm-serializer (>= 1.0.2, < 1.3)
      dm-timestamps (>= 1.0.2, < 1.3)

GEM
  remote: http://rubygems.org/
  specs:
    actionmailer (3.1.0)
      actionpack (= 3.1.0)
      mail (~> 2.3.0)
    actionpack (3.1.0)
      activemodel (= 3.1.0)
      activesupport (= 3.1.0)
      builder (~> 3.0.0)
      erubis (~> 2.7.0)
      i18n (~> 0.6)
      rack (~> 1.3.2)
      rack-cache (~> 1.0.3)
      rack-mount (~> 0.8.2)
      rack-test (~> 0.6.1)
      sprockets (~> 2.0.0)
    activemodel (3.1.0)
      activesupport (= 3.1.0)
      bcrypt-ruby (~> 3.0.0)
      builder (~> 3.0.0)
      i18n (~> 0.6)
    activerecord (3.1.0)
      activemodel (= 3.1.0)
      activesupport (= 3.1.0)
      arel (~> 2.2.1)
      tzinfo (~> 0.3.29)
    activeresource (3.1.0)
      activemodel (= 3.1.0)
      activesupport (= 3.1.0)
    activesupport (3.1.0)
      multi_json (~> 1.0)
    addressable (2.2.6)
    arel (2.2.1)
    bcrypt-ruby (3.0.0)
    builder (3.0.0)
    data_objects (0.10.6)
      addressable (~> 2.1)
    devise (1.4.5)
      bcrypt-ruby (~> 3.0)
      orm_adapter (~> 0.0.3)
      warden (~> 1.0.3)
    dm-active_model (1.2.0.rc1)
      activemodel (~> 3.1.0)
      dm-core (~> 1.2.0.rc1)
    dm-core (1.2.0.rc1)
      addressable (~> 2.2.6)
    dm-do-adapter (1.2.0.rc1)
      data_objects (~> 0.10.6)
      dm-core (~> 1.2.0.rc1)
    dm-migrations (1.2.0.rc1)
      dm-core (~> 1.2.0.rc1)
    dm-rails (1.2.0.rc1)
      actionpack (~> 3.1.0)
      dm-active_model (~> 1.2.0.rc1)
      dm-core (~> 1.2.0.rc1)
      railties (~> 3.1.0)
    dm-serializer (1.2.0.rc1)
      dm-core (~> 1.2.0.rc1)
      fastercsv (~> 1.5.4)
      json (~> 1.5.4)
      json_pure (~> 1.5.4)
      multi_json (~> 1.0.3)
    dm-sqlite-adapter (1.2.0.rc1)
      dm-do-adapter (~> 1.2.0.rc1)
      do_sqlite3 (~> 0.10.6)
    dm-timestamps (1.2.0.rc1)
      dm-core (~> 1.2.0.rc1)
    dm-validations (1.2.0.rc1)
      dm-core (~> 1.2.0.rc1)
    do_sqlite3 (0.10.6)
      data_objects (= 0.10.6)
    erubis (2.7.0)
    faraday (0.6.1)
      addressable (~> 2.2.4)
      multipart-post (~> 1.1.0)
      rack (< 2, >= 1.1.0)
    fastercsv (1.5.4)
    hike (1.2.1)
    i18n (0.6.0)
    json (1.5.4)
    json_pure (1.5.4)
      spruz (~> 0.2.8)
    mail (2.3.0)
      i18n (>= 0.4.0)
      mime-types (~> 1.16)
      treetop (~> 1.4.8)
    metaclass (0.0.1)
    mime-types (1.16)
    mocha (0.10.0)
      metaclass (~> 0.0.1)
    multi_json (1.0.3)
    multi_xml (0.2.2)
    multipart-post (1.1.3)
    nokogiri (1.5.0)
    oa-core (0.2.6)
    oa-oauth (0.2.6)
      faraday (~> 0.6.1)
      multi_json (~> 1.0.0)
      multi_xml (~> 0.2.2)
      oa-core (= 0.2.6)
      oauth (~> 0.4.0)
      oauth2 (~> 0.4.1)
    oa-openid (0.2.6)
      oa-core (= 0.2.6)
      rack-openid (~> 1.3.1)
      ruby-openid-apps-discovery (~> 1.2.0)
    oauth (0.4.5)
    oauth2 (0.4.1)
      faraday (~> 0.6.1)
      multi_json (>= 0.0.5)
    orm_adapter (0.0.5)
    polyglot (0.3.2)
    rack (1.3.2)
    rack-cache (1.0.3)
      rack (>= 0.4)
    rack-mount (0.8.3)
      rack (>= 1.0.0)
    rack-openid (1.3.1)
      rack (>= 1.1.0)
      ruby-openid (>= 2.1.8)
    rack-ssl (1.3.2)
      rack
    rack-test (0.6.1)
      rack (>= 1.0)
    rails (3.1.0)
      actionmailer (= 3.1.0)
      actionpack (= 3.1.0)
      activerecord (= 3.1.0)
      activeresource (= 3.1.0)
      activesupport (= 3.1.0)
      bundler (~> 1.0)
      railties (= 3.1.0)
    railties (3.1.0)
      actionpack (= 3.1.0)
      activesupport (= 3.1.0)
      rack-ssl (~> 1.3.2)
      rake (>= 0.8.7)
      rdoc (~> 3.4)
      thor (~> 0.14.6)
    rake (0.9.2)
    rdoc (3.9.4)
    ruby-openid (2.1.8)
    ruby-openid-apps-discovery (1.2.0)
      ruby-openid (>= 2.1.7)
    sprockets (2.0.0)
      hike (~> 1.2)
      rack (~> 1.0)
      tilt (!= 1.3.0, ~> 1.1)
    spruz (0.2.13)
    thor (0.14.6)
    tilt (1.3.3)
    treetop (1.4.10)
      polyglot
      polyglot (>= 0.3.1)
    tzinfo (0.3.29)
    warden (1.0.5)
      rack (>= 1.0)
    webrat (0.7.2)
      nokogiri (>= 1.2.0)
      rack (>= 1.0)
      rack-test (>= 0.5.3)

PLATFORMS
  ruby

DEPENDENCIES
  dm-core (~> 1.2.0.rc1)
  dm-devise!
  dm-migrations (~> 1.2.0.rc1)
  dm-rails (~> 1.2.0.rc1)
  dm-serializer (~> 1.2.0.rc1)
  dm-sqlite-adapter (~> 1.2.0.rc1)
  dm-timestamps (~> 1.2.0.rc1)
  dm-validations (~> 1.2.0.rc1)
  mocha
  oa-oauth (~> 0.2.0)
  oa-openid (~> 0.2.0)
  rails (~> 3.1.0)
  webrat (= 0.7.2)
